PATH
  remote: ../rulers
  specs:
    rulers (0.0.2)

      erubis
      multi_json
      rack
      rest-client
      sqlite3


GEM
  remote: https://rubygems.org/
  specs:

    celluloid (0.16.0)
      timers (~> 4.0.0)
    erubis (2.7.0)
    ffi (1.9.6)
    hitimes (1.2.2)
    listen (2.7.11)
      celluloid (>= 0.15.2)
      rb-fsevent (>= 0.9.3)
      rb-inotify (>= 0.9)
    mime-types (2.4.3)
    multi_json (1.10.1)
    netrc (0.8.0)
    rack (1.5.2)
    rb-fsevent (0.9.4)
    rb-inotify (0.9.5)
      ffi (>= 0.5.0)
    rerun (0.10.0)
      listen (~> 2.7, >= 2.7.3)
    rest-client (1.7.2)
      mime-types (>= 1.16, < 3.0)
      netrc (~> 0.7)
    sqlite3 (1.3.9)
    timers (4.0.1)
      hitimes


PLATFORMS
  ruby

DEPENDENCIES

  listen
  rerun

  rulers!
